GEM
  remote: https://rubygems.org/
  specs:
    foreman (0.78.0)
      thor (~> 0.19.1)
    kgio (2.10.0)
    mysql2 (0.4.2)
    mysql2-cs-bind (0.0.6)
      mysql2
    rack (1.6.4)
    rack-protection (1.5.3)
      rack
    raindrops (0.15.0)
    sinatra (1.4.7)
      rack (~> 1.5)
      rack-protection (~> 1.4)
      tilt (>= 1.3, < 3)
    thor (0.19.1)
    tilt (2.0.2)
    unicorn (5.0.1)
      kgio (~> 2.6)
      rack
      raindrops (~> 0.7)

PLATFORMS
  ruby

DEPENDENCIES
  foreman
  mysql2
  mysql2-cs-bind
  sinatra
  unicorn
